GEM
  remote: https://rubygems.org/
  specs:
    yaml (0.2.1)

PLATFORMS
  arm64-darwin-22

DEPENDENCIES
  yaml (~> 0.2.1)

BUNDLED WITH
   2.4.13
